GEM
  remote: https://rubygems.org/
  specs:
    wkhtmltopdf-heroku (2.12.5.0)

PLATFORMS
  ruby

DEPENDENCIES
  wkhtmltopdf-heroku

RUBY VERSION
   ruby 2.7.1p83

BUNDLED WITH
   2.1.4
