GEM
  remote: https://rubygems.org/
  specs:
    wkhtmltopdf-binary (0.12.6)

PLATFORMS
  ruby

DEPENDENCIES
  wkhtmltopdf-binary

BUNDLED WITH
   2.1.4
